PATH
  remote: .
  specs:
    ruby_cover_band (0.1.0)
      sonic-pi-cli

GEM
  remote: https://rubygems.org/
  specs:
    coderay (1.1.3)
    diff-lcs (1.4.4)
    method_source (1.0.0)
    osc-ruby (1.1.4)
    pry (0.13.1)
      coderay (~> 1.1)
      method_source (~> 1.0)
    rake (12.3.3)
    rspec (3.9.0)
      rspec-core (~> 3.9.0)
      rspec-expectations (~> 3.9.0)
      rspec-mocks (~> 3.9.0)
    rspec-core (3.9.2)
      rspec-support (~> 3.9.3)
    rspec-expectations (3.9.2)
      diff-lcs (>= 1.2.0, < 2.0)
      rspec-support (~> 3.9.0)
    rspec-mocks (3.9.1)
      diff-lcs (>= 1.2.0, < 2.0)
      rspec-support (~> 3.9.0)
    rspec-support (3.9.3)
    sonic-pi-cli (0.1.3)
      osc-ruby

PLATFORMS
  ruby
  x86_64-darwin-20

DEPENDENCIES
  pry
  rake (~> 12.0)
  rspec (~> 3.0)
  ruby_cover_band!

BUNDLED WITH
   2.1.4
